GEM
  remote: https://rubygems.org/
  specs:
    awesome_print (1.2.0)
    coderay (1.1.0)
    columnize (0.8.9)
    debugger (1.6.8)
      columnize (>= 0.3.1)
      debugger-linecache (~> 1.2.0)
      debugger-ruby_core_source (~> 1.3.5)
    debugger-linecache (1.2.0)
    debugger-ruby_core_source (1.3.5)
    diff-lcs (1.2.5)
    facets (2.9.3)
    json (1.8.1)
    method_source (0.8.2)
    mini_portile (0.5.3)
    nokogiri (1.6.2)
      mini_portile (~> 0.5.2)
    pry (0.9.12.6)
      coderay (~> 1.0)
      method_source (~> 0.8)
      slop (~> 3.4)
    pry-debugger (0.2.2)
      debugger (~> 1.3)
      pry (~> 0.9.10)
    rspec (3.0.0)
      rspec-core (~> 3.0.0)
      rspec-expectations (~> 3.0.0)
      rspec-mocks (~> 3.0.0)
    rspec-core (3.0.2)
      rspec-support (~> 3.0.0)
    rspec-expectations (3.0.2)
      diff-lcs (>= 1.2.0, < 2.0)
      rspec-support (~> 3.0.0)
    rspec-mocks (3.0.2)
      rspec-support (~> 3.0.0)
    rspec-support (3.0.2)
    slop (3.5.0)

PLATFORMS
  ruby

DEPENDENCIES
  awesome_print
  facets
  json
  nokogiri
  pry-debugger
  rspec
