GEM
  remote: https://rubygems.org/
  specs:
    byebug (3.5.1)
      columnize (~> 0.8)
      debugger-linecache (~> 1.2)
      slop (~> 3.6)
    coderay (1.1.0)
    columnize (0.9.0)
    debugger-linecache (1.2.0)
    diff-lcs (1.2.5)
    jsonify (0.4.1)
      multi_json (~> 1.3)
    method_source (0.8.2)
    mini_portile (0.6.2)
    multi_json (1.10.1)
    nokogiri (1.6.6.2)
      mini_portile (~> 0.6.0)
    pry (0.10.1)
      coderay (~> 1.1.0)
      method_source (~> 0.8.1)
      slop (~> 3.4)
    pry-byebug (3.0.1)
      byebug (~> 3.4)
      pry (~> 0.10)
    rspec (2.14.1)
      rspec-core (~> 2.14.0)
      rspec-expectations (~> 2.14.0)
      rspec-mocks (~> 2.14.0)
    rspec-core (2.14.8)
    rspec-expectations (2.14.5)
      diff-lcs (>= 1.1.3, < 2.0)
    rspec-mocks (2.14.6)
    slop (3.6.0)

PLATFORMS
  ruby

DEPENDENCIES
  bundler (~> 1.7)
  jsonify (~> 0.4.1)
  nokogiri
  pry-byebug
  rspec (~> 2.14.1)
